PATH
  remote: .
  specs:
    logstash-output-sensors_analytics (0.1.4)
      logstash-codec-plain
      logstash-core-plugin-api (>= 1.60, <= 2.99)
      logstash-mixin-http_client (>= 6.0.0, < 8.0.0)
      stud (~> 0.0.23)

GEM
  remote: https://rubygems.org/
  specs:
    cabin (0.8.1)
    clamp (0.6.5)
    coderay (1.1.2)
    concurrent-ruby (0.9.2-java)
    connection_pool (2.2.2)
    diff-lcs (1.3)
    ffi (1.11.1-java)
    filesize (0.0.4)
    fivemat (1.3.7)
    gem_publisher (1.5.0)
    gems (0.8.3)
    i18n (0.6.9)
    insist (1.0.0)
    jrjackson (0.3.9-java)
    jruby-openssl (0.9.16-java)
    kramdown (1.14.0)
    logstash-codec-plain (3.0.6)
      logstash-core-plugin-api (>= 1.60, <= 2.99)
    logstash-core (2.4.1-java)
      cabin (~> 0.8.0)
      clamp (~> 0.6.5)
      concurrent-ruby (= 0.9.2)
      filesize (= 0.0.4)
      gems (~> 0.8.3)
      i18n (= 0.6.9)
      jrjackson (~> 0.3.7)
      jruby-openssl (= 0.9.16)
      logstash-core-event (= 2.4.1)
      minitar (~> 0.5.4)
      pry (~> 0.10.1)
      rubyzip (~> 1.1.7)
      stud (~> 0.0.19)
      thread_safe (~> 0.3.5)
      treetop (< 1.5.0)
    logstash-core-event (2.4.1-java)
    logstash-core-plugin-api (1.60.5-java)
      logstash-core (>= 2.4.1, <= 2.4.99)
    logstash-devutils (0.0.22-java)
      fivemat
      gem_publisher
      insist (= 1.0.0)
      kramdown
      minitar
      rake
      rspec (~> 3.0)
      rspec-wait
      stud (>= 0.0.20)
    logstash-mixin-http_client (7.0.0)
      logstash-codec-plain
      logstash-core-plugin-api (>= 1.60, <= 2.99)
      manticore (>= 0.5.2, < 1.0.0)
    manticore (0.6.4-java)
      openssl_pkcs8_pure
    method_source (0.8.2)
    minitar (0.5.4)
    mustermann (2.0.2)
      ruby2_keywords (~> 0.0.1)
    net-http-persistent (3.0.1)
      connection_pool (~> 2.2)
    openssl_pkcs8_pure (0.0.0.2)
    polyglot (0.3.5)
    pry (0.10.4-java)
      coderay (~> 1.1.0)
      method_source (~> 0.8.1)
      slop (~> 3.4)
      spoon (~> 0.0)
    rack (2.2.4)
    rack-protection (2.2.3)
      rack
    rake (12.3.2)
    rspec (3.8.0)
      rspec-core (~> 3.8.0)
      rspec-expectations (~> 3.8.0)
      rspec-mocks (~> 3.8.0)
    rspec-core (3.8.0)
      rspec-support (~> 3.8.0)
    rspec-expectations (3.8.4)
      diff-lcs (>= 1.2.0, < 2.0)
      rspec-support (~> 3.8.0)
    rspec-mocks (3.8.1)
      diff-lcs (>= 1.2.0, < 2.0)
      rspec-support (~> 3.8.0)
    rspec-support (3.8.2)
    rspec-wait (0.0.9)
      rspec (>= 3, < 4)
    ruby2_keywords (0.0.5)
    rubyzip (1.1.7)
    sinatra (2.2.3)
      mustermann (~> 2.0)
      rack (~> 2.2)
      rack-protection (= 2.2.3)
      tilt (~> 2.0)
    slop (3.6.0)
    spoon (0.0.6)
      ffi
    stud (0.0.23)
    thread_safe (0.3.6-java)
    tilt (2.0.11)
    treetop (1.4.15)
      polyglot
      polyglot (>= 0.3.1)
    webrick (1.4.2)

PLATFORMS
  java
  x86_64-linux

DEPENDENCIES
  logstash-devutils
  logstash-output-sensors_analytics!
  net-http-persistent
  sinatra
  webrick

BUNDLED WITH
   2.0.2
